GEM
  remote: https://rubygems.org/
  specs:
    awesome_print (1.7.0)
    faraday (1.0.1)
      multipart-post (>= 1.2, < 3)
    logger (1.4.2)
    multipart-post (2.1.1)
    oj (3.10.14)
    togglv8 (1.2.1)
      faraday
      logger
      oj

PLATFORMS
  ruby

DEPENDENCIES
  awesome_print (= 1.7.0)
  togglv8 (= 1.2.1)

BUNDLED WITH
   2.1.4
