GEM
  remote: https://rubygems.org/
  specs:
    awesome_print (1.7.0)
    faraday (0.15.4)
      multipart-post (>= 1.2, < 3)
    logger (1.3.0)
    multipart-post (2.0.0)
    oj (3.7.9)
    togglv8 (1.2.1)
      faraday
      logger
      oj

PLATFORMS
  ruby

DEPENDENCIES
  awesome_print (= 1.7.0)
  togglv8 (= 1.2.1)

BUNDLED WITH
   2.0.1
