GEM
  remote: https://rubygems.org/
  specs:
    faraday (0.12.1)
      multipart-post (>= 1.2, < 3)
    logger (1.2.8)
    multipart-post (2.0.0)
    oj (3.0.10)
    togglv8 (1.2.1)
      faraday
      logger
      oj

PLATFORMS
  ruby

DEPENDENCIES
  togglv8

BUNDLED WITH
   1.15.0
